GEM
  remote: https://rubygems.org/
  specs:
    rmagick (2.16.0)
    thor (0.19.1)

PLATFORMS
  ruby

DEPENDENCIES
  rmagick
  thor

BUNDLED WITH
   1.13.5
