GEM
  remote: https://rubygems.org/
  specs:
    diff-lcs (1.2.5)
    fakefs (0.9.3)
    rmagick (2.16.0)
    rspec (3.5.0)
      rspec-core (~> 3.5.0)
      rspec-expectations (~> 3.5.0)
      rspec-mocks (~> 3.5.0)
    rspec-core (3.5.4)
      rspec-support (~> 3.5.0)
    rspec-expectations (3.5.0)
      diff-lcs (>= 1.2.0, < 2.0)
      rspec-support (~> 3.5.0)
    rspec-mocks (3.5.0)
      diff-lcs (>= 1.2.0, < 2.0)
      rspec-support (~> 3.5.0)
    rspec-support (3.5.0)
    thor (0.19.1)

PLATFORMS
  ruby

DEPENDENCIES
  fakefs
  rmagick
  rspec
  thor

BUNDLED WITH
   1.13.5
